PATH
  remote: .
  specs:
    resme (0.5.0)

GEM
  remote: https://rubygems.org/
  specs:
    rake (12.3.3)

PLATFORMS
  x86_64-linux

DEPENDENCIES
  bundler (~> 2.3.20)
  rake (~> 12.0)
  resme!

BUNDLED WITH
   2.3.20
